GEM
  remote: https://rubygems.org/
  specs:
    chunky_png (1.3.8)
    gnuplot (2.6.2)
    gsl (2.1.0.1)
    kmeans-clusterer (0.11.4)
      narray (~> 0.6)
    minitest (5.10.1)
    narray (0.6.1.2)
    pnm (0.5.1)

PLATFORMS
  ruby

DEPENDENCIES
  chunky_png
  gnuplot
  gsl
  kmeans-clusterer
  minitest
  pnm

BUNDLED WITH
   1.11.2
