GEM
  remote: https://rubygems.org/
  specs:
    chunky_png (1.3.4)
    gnuplot (2.6.2)
    kmeans-clusterer (0.11.4)
      narray (~> 0.6)
    minitest (5.5.1)
    narray (0.6.1.1)
    pnm (0.4.1)
    rb-gsl (1.16.0.4)
      narray (>= 0.5.9)

PLATFORMS
  ruby

DEPENDENCIES
  chunky_png
  gnuplot
  kmeans-clusterer
  minitest
  pnm
  rb-gsl
