GEM
  remote: https://rubygems.org/
  specs:
    backports (3.6.6)
    chunky_png (1.3.4)
    gnuplot (2.6.2)
    kmeans-clusterer (0.11.4)
      narray (~> 0.6)
    minitest (5.5.1)
    narray (0.6.1.1)
    nmatrix (0.2.0)
      packable (~> 1.3, >= 1.3.5)
    nmatrix-atlas (0.2.0)
      nmatrix (= 0.2.0)
    nmatrix-lapacke (0.2.0)
      nmatrix (= 0.2.0)
    packable (1.3.6)
      backports
    pnm (0.4.1)

PLATFORMS
  ruby

DEPENDENCIES
  chunky_png
  gnuplot
  kmeans-clusterer
  minitest
  nmatrix
  nmatrix-atlas
  nmatrix-lapacke
  pnm
