GEM
  remote: https://rubygems.org/
  specs:
    backports (3.6.6)
    bond (0.5.1)
    chunky_png (1.3.4)
    coderay (1.1.0)
    gnuplot (2.6.2)
    iruby (0.2.7)
      bond (~> 0.5)
      mimemagic (~> 0.3)
      multi_json (~> 1.11)
      rbczmq (~> 1.7)
    kmeans-clusterer (0.11.4)
      narray (~> 0.6)
    method_source (0.8.2)
    mimemagic (0.3.0)
    minitest (5.5.1)
    multi_json (1.11.2)
    narray (0.6.1.1)
    nmatrix (0.2.0)
      packable (~> 1.3, >= 1.3.5)
    nmatrix-atlas (0.2.0)
      nmatrix (= 0.2.0)
    nmatrix-lapacke (0.2.0)
      nmatrix (= 0.2.0)
    nmatrix-rowcol (0.1.0)
      nmatrix
    nyaplot (0.1.6)
    packable (1.3.6)
      backports
    pnm (0.4.1)
    pry (0.10.1)
      coderay (~> 1.1.0)
      method_source (~> 0.8.1)
      slop (~> 3.4)
    rbczmq (1.7.9)
    slop (3.6.0)

PLATFORMS
  ruby

DEPENDENCIES
  chunky_png
  gnuplot
  iruby
  kmeans-clusterer
  minitest
  nmatrix
  nmatrix-atlas
  nmatrix-lapacke
  nmatrix-rowcol
  nyaplot
  pnm
  pry
